GIT
  remote: git://github.com/vinova/Artemis-Ruby.git
  revision: 8f9368802160eae9140cb153d66ed759da3f5e5f
  specs:
    artemis (0.0.1)

GEM
  specs:
    daemons (1.1.9)
    eventmachine (1.0.3)
    rack (1.5.2)
    thin (1.6.2)
      daemons (>= 1.0.9)
      eventmachine (>= 1.0.0)
      rack (>= 1.0.0)

PLATFORMS
  ruby

DEPENDENCIES
  artemis!
  rack
  thin
