GIT
  remote: git://github.com/vinova/Artemis-Ruby.git
  revision: 8f9368802160eae9140cb153d66ed759da3f5e5f
  specs:
    artemis (0.0.1)

GIT
  remote: git@github.com:superlou/census_api.git
  revision: d172562136321a95724c4bf75dec5c9d3740b785
  specs:
    census_api (1.0.2)
      hpricot
      rest-client

GEM
  remote: https://rubygems.org/
  specs:
    addressable (2.3.5)
    cookiejar (0.3.2)
    daemons (1.1.9)
    em-http-request (1.1.2)
      addressable (>= 2.3.4)
      cookiejar
      em-socksify (>= 0.3)
      eventmachine (>= 1.0.3)
      http_parser.rb (>= 0.6.0)
    em-socksify (0.3.0)
      eventmachine (>= 1.0.0.beta.4)
    eventmachine (1.0.3)
    faye (1.0.1)
      cookiejar (>= 0.3.0)
      em-http-request (>= 0.3.0)
      eventmachine (>= 0.12.0)
      faye-websocket (>= 0.7.0)
      multi_json (>= 1.0.0)
      rack (>= 1.0.0)
      websocket-driver (>= 0.3.0)
    faye-websocket (0.7.2)
      eventmachine (>= 0.12.0)
      websocket-driver (>= 0.3.1)
    hpricot (0.8.6)
    http_parser.rb (0.6.0)
    mime-types (2.2)
    multi_json (1.9.0)
    rack (1.5.2)
    rest-client (1.6.7)
      mime-types (>= 1.16)
    thin (1.6.2)
      daemons (>= 1.0.9)
      eventmachine (>= 1.0.0)
      rack (>= 1.0.0)
    websocket-driver (0.3.2)

PLATFORMS
  ruby

DEPENDENCIES
  artemis!
  census_api!
  eventmachine
  faye
  rack
  thin
